GEM
  remote: https://rubygems.org/
  specs:
    coderay (1.1.0)
    colored (1.2)
    diff-lcs (1.2.5)
    grit (2.5.0)
      diff-lcs (~> 1.1)
      mime-types (~> 1.15)
      posix-spawn (~> 0.3.6)
    method_source (0.8.2)
    mime-types (1.25.1)
    posix-spawn (0.3.9)
    pry (0.10.1)
      coderay (~> 1.1.0)
      method_source (~> 0.8.1)
      slop (~> 3.4)
    sequel (4.17.0)
    slop (3.6.0)
    sqlite3 (1.3.10)

PLATFORMS
  ruby

DEPENDENCIES
  colored
  grit
  pry
  sequel
  sqlite3
